GIT
  remote: https://github.com/evolve75/RubyTree
  revision: 43b34ab6268e7aeb60c41e9c58f926d6d6af73a3
  specs:
    rubytree (0.9.5pre6)
      json (~> 1.8)
      structured_warnings (~> 0.2)

GEM
  remote: https://rubygems.org/
  specs:
    byebug (3.5.1)
      columnize (~> 0.8)
      debugger-linecache (~> 1.2)
      slop (~> 3.6)
    columnize (0.9.0)
    debugger-linecache (1.2.0)
    diff-lcs (1.2.5)
    ffi (1.9.6)
    io-like (0.3.0)
    json (1.8.2)
    rspec (3.2.0)
      rspec-core (~> 3.2.0)
      rspec-expectations (~> 3.2.0)
      rspec-mocks (~> 3.2.0)
    rspec-core (3.2.1)
      rspec-support (~> 3.2.0)
    rspec-expectations (3.2.0)
      diff-lcs (>= 1.2.0, < 2.0)
      rspec-support (~> 3.2.0)
    rspec-mocks (3.2.1)
      diff-lcs (>= 1.2.0, < 2.0)
      rspec-support (~> 3.2.0)
    rspec-support (3.2.2)
    ruby-web-search (0.0.2)
      json
    ruby-xz (0.2.1)
      ffi
      io-like
    slop (3.6.0)
    structured_warnings (0.2.0)
    yard (0.8.7.6)

PLATFORMS
  ruby

DEPENDENCIES
  byebug
  rspec
  ruby-web-search
  ruby-xz
  rubytree!
  yard
