GIT
  remote: https://github.com/evolve75/RubyTree
  revision: 43b34ab6268e7aeb60c41e9c58f926d6d6af73a3
  specs:
    rubytree (0.9.5pre6)
      json (~> 1.8)
      structured_warnings (~> 0.2)

GEM
  remote: https://rubygems.org/
  specs:
    alias (0.2.3)
    binding.repl (3.0.0)
    binding_of_caller (0.7.2)
      debug_inspector (>= 0.0.1)
    bond (0.5.1)
    boson (1.3.0)
    boson-more (0.3.1)
      boson (>= 1.3.0)
    byebug (3.5.1)
      columnize (~> 0.8)
      debugger-linecache (~> 1.2)
      slop (~> 3.6)
    clipboard (1.0.6)
    coderay (1.1.0)
    columnize (0.9.0)
    debug_inspector (0.0.2)
    debugger-linecache (1.2.0)
    debugging (1.0.2)
      binding.repl (~> 3)
      paint (~> 0, >= 0.8.7)
    did_you_mean (0.9.6)
      interception
    diff-lcs (1.2.5)
    every_day_irb (1.7.1)
    fancy_irb (0.7.3)
      paint (>= 0.8.1)
      unicode-display_width (>= 0.1.1)
    ffi (1.9.6)
    g (1.7.2)
    hirb (0.7.3)
    interactive_editor (0.0.10)
      spoon (>= 0.0.1)
    interception (0.5)
    io-like (0.3.0)
    irbtools (1.7.1)
      alias (~> 0.2.3)
      binding.repl (~> 3.0)
      boson (~> 1.3.0)
      boson-more (~> 0.3.0)
      clipboard (~> 1.0.5)
      coderay (~> 1.1.0)
      debugging (~> 1.0)
      every_day_irb (>= 1.7.1)
      fancy_irb (>= 0.7.3)
      g (>= 1.7.2)
      hirb (~> 0.7, >= 0.7.3)
      interactive_editor (>= 0.0.10)
      method_locator (>= 0.0.4)
      method_source (>= 0.8.2)
      methodfinder (~> 2.0)
      ori (~> 0.1.0)
      os (~> 0.9)
      paint (>= 0.8.7)
      ruby_engine (~> 1.0)
      ruby_info (~> 1.0)
      ruby_version (~> 1.0)
      wirb (>= 1.0.3)
    irbtools-more (1.7.2)
      binding_of_caller (~> 0.7)
      bond (~> 0.5)
      did_you_mean (~> 0.9, >= 0.9.5)
      irbtools (~> 1.7)
      looksee (~> 3.0, >= 3.0.1)
    json (1.8.2)
    looksee (3.1.0)
    method_locator (0.0.4)
    method_source (0.8.2)
    methodfinder (2.0.0)
    ori (0.1.0)
    os (0.9.6)
    paint (0.9.0)
    rspec (3.2.0)
      rspec-core (~> 3.2.0)
      rspec-expectations (~> 3.2.0)
      rspec-mocks (~> 3.2.0)
    rspec-core (3.2.1)
      rspec-support (~> 3.2.0)
    rspec-expectations (3.2.0)
      diff-lcs (>= 1.2.0, < 2.0)
      rspec-support (~> 3.2.0)
    rspec-mocks (3.2.1)
      diff-lcs (>= 1.2.0, < 2.0)
      rspec-support (~> 3.2.0)
    rspec-support (3.2.2)
    ruby-web-search (0.0.2)
      json
    ruby-xz (0.2.1)
      ffi
      io-like
    ruby_engine (1.0.1)
    ruby_info (1.0.1)
    ruby_version (1.0.1)
    slop (3.6.0)
    spoon (0.0.4)
      ffi
    structured_warnings (0.2.0)
    unicode-display_width (0.2.0)
    wirb (1.0.3)
      paint (~> 0.8)
    yard (0.8.7.6)

PLATFORMS
  ruby

DEPENDENCIES
  byebug
  irbtools-more
  rspec
  ruby-web-search
  ruby-xz
  rubytree!
  yard
